PATH
  remote: ../code_assistant
  specs:
    code_assistant (0.0.1)
      active_support
      httparty
      i18n
      nokogiri
      sanitize

GEM
  remote: http://rubygems.org/
  specs:
    active_support (3.0.0)
      activesupport (= 3.0.0)
    activesupport (3.0.0)
    diff-lcs (1.2.3)
    httparty (0.11.0)
      multi_json (~> 1.0)
      multi_xml (>= 0.5.2)
    i18n (0.6.4)
    multi_json (1.7.2)
    multi_xml (0.5.3)
    nokogiri (1.5.9-x86-mingw32)
    rake (10.0.4)
    rspec (2.13.0)
      rspec-core (~> 2.13.0)
      rspec-expectations (~> 2.13.0)
      rspec-mocks (~> 2.13.0)
    rspec-core (2.13.1)
    rspec-expectations (2.13.0)
      diff-lcs (>= 1.1.3, < 2.0)
    rspec-mocks (2.13.1)
    sanitize (2.0.3)
      nokogiri (>= 1.4.4, < 1.6)
    thor (0.18.1)

PLATFORMS
  x86-mingw32

DEPENDENCIES
  activesupport
  code_assistant!
  rake
  rspec
  thor
