GEM
  remote: http://rubygems.org/
  specs:
    diff-lcs (1.2.3)
    nokogiri (1.5.9-x86-mingw32)
    rake (10.0.4)
    rspec (2.13.0)
      rspec-core (~> 2.13.0)
      rspec-expectations (~> 2.13.0)
      rspec-mocks (~> 2.13.0)
    rspec-core (2.13.1)
    rspec-expectations (2.13.0)
      diff-lcs (>= 1.1.3, < 2.0)
    rspec-mocks (2.13.1)

PLATFORMS
  x86-mingw32

DEPENDENCIES
  nokogiri
  rake
  rspec
